GEM
  remote: http://rubygems.org/
  specs:
    addressable (2.2.4)
    dm-core (1.0.2)
      addressable (~> 2.2)
      extlib (~> 0.9.15)
    dm-migrations (1.0.2)
      dm-core (~> 1.0.2)
    dm-timestamps (1.0.2)
      dm-core (~> 1.0.2)
    dm-types (1.0.2)
      dm-core (~> 1.0.2)
      fastercsv (~> 1.5.3)
      json_pure (~> 1.4)
      stringex (~> 1.1.0)
      uuidtools (~> 2.1.1)
    dm-validations (1.0.2)
      dm-core (~> 1.0.2)
    extlib (0.9.15)
    fastercsv (1.5.4)
    json (1.5.1-x86-mingw32)
    json_pure (1.5.1)
    rack (1.2.1)
    sinatra (1.1.0)
      rack (~> 1.1)
      tilt (~> 1.1)
    stringex (1.1.0)
    tilt (1.2.2)
    uuidtools (2.1.2)

PLATFORMS
  x86-mingw32

DEPENDENCIES
  dm-core (= 1.0.2)
  dm-migrations (= 1.0.2)
  dm-timestamps (= 1.0.2)
  dm-types (= 1.0.2)
  dm-validations (= 1.0.2)
  json (= 1.5.1)
  sinatra (= 1.1.0)
